PATH
  remote: ../dradis-plugins
  specs:
    dradis-plugins (4.15.0)

PATH
  remote: .
  specs:
    dradis-csv (4.15.0)
      dradis-plugins (~> 4.0)

GEM
  remote: https://rubygems.org/
  specs:
    rake (13.1.0)

PLATFORMS
  x86_64-darwin-21

DEPENDENCIES
  bundler (~> 2.0)
  dradis-csv!
  dradis-plugins!
  rake

BUNDLED WITH
   2.4.11
